{
	"Manufacturer": "Siemens",
	"ManufacturersModelName": "Skyra",
	"EchoTrainLength": 84,
	"AcquisitionNumber": 1,
	"InstitutionName": "Princeton_University_-_Neuroscience_Institute",
	"InstitutionAddress": "Washington_and_Faculty_Rd._-_Building_25_25_Princeton_NJ_US_085",
	"DeviceSerialNumber": "45031",
	"SoftwareVersions": "syngo_MR_E11",
	"ProcedureStepDescription": "NormanLab_Chris",
	"ScanningSequence": "EP",
	"SequenceVariant": "SK_SP",
	"SeriesDescription": "SpinEcho_PA_Siemens",
	"BodyPartExamined": "HEAD",
	"ProtocolName": "SpinEcho_PA_Siemens",
	"SequenceName": "_epse2d1_96",
	"ImageType": ["ORIGINAL", "PRIMARY", "M", "ND"],
	"AcquisitionTime": "10:21:30.627500",
	"MagneticFieldStrength": 3,
	"FlipAngle": 90,
	"EchoTime": 0.066,
	"RepetitionTime": 8,
	"PhaseEncodingLines": 96,
	"BandwidthPerPixelPhaseEncode": 14.881,
	"EffectiveEchoSpacing": 0.000699998,
	"TotalReadoutTime": 0.0580998,
	"PhaseEncodingDirection": "j",
	"ConversionSoftware": "dcm2niix",
	"ConversionSoftwareVersion": "v1.0.20170724 GCC4.4.7"
}
