{
	"Manufacturer": "Siemens",
	"ManufacturersModelName": "Skyra",
	"EchoTrainLength": 84,
	"AcquisitionNumber": 1,
	"InstitutionName": "Princeton_University_-_Neuroscience_Institute",
	"InstitutionAddress": "Washington_and_Faculty_Rd._-_Building_25_25_Princeton_NJ_US_085",
	"DeviceSerialNumber": "45031",
	"SoftwareVersions": "syngo_MR_E11",
	"ProcedureStepDescription": "NormanLab_Chris",
	"ScanningSequence": "EP",
	"SequenceVariant": "SK",
	"SeriesDescription": "EPI_2mm_1.5TR_SMS4_PPF78_Siemens",
	"BodyPartExamined": "HEAD",
	"ProtocolName": "EPI_2mm_1.5TR_SMS4_PPF78_Siemens",
	"SequenceName": "_epfid2d1_96",
	"ImageType": ["ORIGINAL", "PRIMARY", "M", "ND", "MOSAIC"],
	"AcquisitionTime": "11:26:25.165000",
	"MagneticFieldStrength": 3,
	"FlipAngle": 80,
	"EchoTime": 0.033,
	"RepetitionTime": 1.5,
	"PhaseEncodingLines": 96,
	"BandwidthPerPixelPhaseEncode": 14.881,
	"EffectiveEchoSpacing": 0.000699998,
	"TotalReadoutTime": 0.0559998,
	"AccelFactPE": 4,
	"TrueEchoSpacing": 0.00279999,
	"SliceTiming": [
		0.69,
		0,
		0.79,
		0.0975,
		0.8875,
		0.1975,
		0.985,
		0.295,
		1.085,
		0.395,
		1.1825,
		0.4925,
		1.2825,
		0.5925,
		1.38,
		0.69,
		0,
		0.79,
		0.0975,
		0.8875,
		0.1975,
		0.985,
		0.295,
		1.085,
		0.395,
		1.1825,
		0.4925,
		1.2825,
		0.5925,
		1.38,
		0.69,
		0,
		0.79,
		0.0975,
		0.8875,
		0.1975,
		0.985,
		0.295,
		1.085,
		0.395,
		1.1825,
		0.4925,
		1.2825,
		0.5925,
		1.38,
		0.69,
		0,
		0.79,
		0.0975,
		0.8875,
		0.1975,
		0.985,
		0.295,
		1.085,
		0.395,
		1.1825,
		0.4925,
		1.2825,
		0.5925,
		1.38	],
	"PhaseEncodingDirection": "j-",
	"ConversionSoftware": "dcm2niix",
	"ConversionSoftwareVersion": "v1.0.20170724 GCC4.4.7"
}
